GEM
  remote: https://rubygems.org/
  specs:
    activesupport (5.0.0.1)
      concurrent-ruby (~> 1.0, >= 1.0.2)
      i18n (~> 0.7)
      minitest (~> 5.1)
      tzinfo (~> 1.1)
    claide (1.0.0)
    colored (1.2)
    concurrent-ruby (1.0.2)
    earlgrey (0.0.11)
      colored (>= 1.2)
      thor (>= 0.19.1)
      xcodeproj (>= 1.0)
    i18n (0.7.0)
    minitest (5.9.0)
    rouge (1.10.1)
    thor (0.19.1)
    thread_safe (0.3.5)
    tzinfo (1.2.2)
      thread_safe (~> 0.1)
    xcodeproj (1.3.1)
      activesupport (>= 3)
      claide (>= 1.0.0, < 2.0)
      colored (~> 1.2)
    xcpretty (0.2.2)
      rouge (~> 1.8)

PLATFORMS
  ruby

DEPENDENCIES
  earlgrey (~> 0.0.11)
  xcpretty

BUNDLED WITH
   1.12.5
