GEM
  remote: https://rubygems.org/
  specs:
    rouge (1.10.1)
    xcpretty (0.2.2)
      rouge (~> 1.8)

PLATFORMS
  ruby

DEPENDENCIES
  xcpretty

BUNDLED WITH
   1.14.6
